GEM
  remote: https://rubygems.org/
  specs:
    byebug (11.1.3)
    minitest (5.16.2)
    ruby2d (0.11.3)

PLATFORMS
  x86_64-linux

DEPENDENCIES
  byebug (~> 11.1)
  minitest (~> 5.8)
  ruby2d (~> 0.11.3)

BUNDLED WITH
   2.3.18
